GEM
  remote: https://rubygems.org/
  specs:
    CFPropertyList (3.0.3)
    activesupport (5.2.5)
      concurrent-ruby (~> 1.0, >= 1.0.2)
      i18n (>= 0.7, < 2)
      minitest (~> 5.1)
      tzinfo (~> 1.1)
    addressable (2.7.0)
      public_suffix (>= 2.0.2, < 5.0)
    algoliasearch (1.27.5)
      httpclient (~> 2.8, >= 2.8.3)
      json (>= 1.5.1)
    atomos (0.1.3)
    claide (1.0.3)
    clamp (1.3.2)
    cocoapods-core (1.10.1)
      activesupport (> 5.0, < 6)
      addressable (~> 2.6)
      algoliasearch (~> 1.0)
      concurrent-ruby (~> 1.1)
      fuzzy_match (~> 2.0.4)
      nap (~> 1.0)
      netrc (~> 0.11)
      public_suffix
      typhoeus (~> 1.0)
    colored2 (3.1.2)
    concurrent-ruby (1.1.8)
    ethon (0.12.0)
      ffi (>= 1.3.0)
    ffi (1.15.0)
    fuzzy_match (2.0.4)
    generamba (1.5.0)
      cocoapods-core (>= 1.4.0, < 2.0.0)
      git (= 1.2.9.1)
      liquid (= 4.0.0)
      terminal-table (= 1.4.5)
      thor (= 0.19.1)
      xcodeproj (>= 1.5.0, < 2.0.0)
    git (1.2.9.1)
    httpclient (2.8.3)
    i18n (1.8.9)
      concurrent-ruby (~> 1.0)
    json (2.5.1)
    liquid (4.0.0)
    mini_portile2 (2.5.1)
    minitest (5.14.4)
    nanaimo (0.3.0)
    nap (1.1.0)
    netrc (0.11.0)
    nokogiri (1.11.5)
      mini_portile2 (~> 2.5.0)
      racc (~> 1.4)
    public_suffix (4.0.6)
    racc (1.5.2)
    slather (2.7.0)
      CFPropertyList (>= 2.2, < 4)
      activesupport
      clamp (~> 1.3)
      nokogiri (~> 1.11)
      xcodeproj (~> 1.7)
    terminal-table (1.4.5)
    thor (0.19.1)
    thread_safe (0.3.6)
    typhoeus (1.4.0)
      ethon (>= 0.9.0)
    tzinfo (1.2.9)
      thread_safe (~> 0.1)
    xcodeproj (1.19.0)
      CFPropertyList (>= 2.3.3, < 4.0)
      atomos (~> 0.1.3)
      claide (>= 1.0.2, < 2.0)
      colored2 (~> 3.1)
      nanaimo (~> 0.3.0)

PLATFORMS
  ruby

DEPENDENCIES
  generamba
  slather

BUNDLED WITH
   2.1.4
